GEM
  remote: https://rubygems.org/
  specs:
    diff-lcs (1.3)
    facter (2.4.6)
    hiera (3.2.1)
    json_pure (1.8.3)
    mocha (1.11.2)
    pathspec (0.2.1)
    puppet (4.7.0)
      facter (> 2.0, < 4)
      hiera (>= 2.0, < 4)
      json_pure (~> 1.8)
    puppet-lint (2.4.2)
    puppet-syntax (2.6.0)
      rake
    puppetlabs_spec_helper (2.14.1)
      mocha (~> 1.0)
      pathspec (~> 0.2.1)
      puppet-lint (~> 2.0)
      puppet-syntax (~> 2.0)
      rspec-puppet (~> 2.0)
    rake (13.0.1)
    rspec (3.9.0)
      rspec-core (~> 3.9.0)
      rspec-expectations (~> 3.9.0)
      rspec-mocks (~> 3.9.0)
    rspec-core (3.9.1)
      rspec-support (~> 3.9.1)
    rspec-expectations (3.9.0)
      diff-lcs (>= 1.2.0, < 2.0)
      rspec-support (~> 3.9.0)
    rspec-mocks (3.9.1)
      diff-lcs (>= 1.2.0, < 2.0)
      rspec-support (~> 3.9.0)
    rspec-puppet (2.7.8)
      rspec
    rspec-support (3.9.2)

PLATFORMS
  ruby

DEPENDENCIES
  puppet
  puppetlabs_spec_helper (>= 1.2.2)

BUNDLED WITH
   1.17.3
