GEM
  remote: https://rubygems.org/
  specs:
    concurrent-ruby (1.1.5)
    diff-lcs (1.2.5)
    facter (2.5.6)
    fast_gettext (1.8.0)
    hiera (3.6.0)
    hocon (1.3.0)
    httpclient (2.8.3)
    locale (2.1.2)
    metaclass (0.0.4)
    mocha (1.2.1)
      metaclass (~> 0.0.1)
    multi_json (1.14.1)
    puppet (6.10.1)
      concurrent-ruby (~> 1.0)
      facter (> 2.0.1, < 4)
      fast_gettext (~> 1.1)
      hiera (>= 3.2.1, < 4)
      httpclient (~> 2.8)
      locale (~> 2.1)
      multi_json (~> 1.10)
      puppet-resource_api (~> 1.5)
      semantic_puppet (~> 1.0)
    puppet-lint (2.0.2)
    puppet-resource_api (1.8.7)
      hocon (>= 1.0)
    puppet-syntax (2.1.1)
      rake
    puppetlabs_spec_helper (1.2.2)
      mocha (~> 1.0)
      puppet-lint (~> 2.0)
      puppet-syntax (~> 2.0)
      rspec-puppet (~> 2.0)
    rake (11.3.0)
    rspec (3.5.0)
      rspec-core (~> 3.5.0)
      rspec-expectations (~> 3.5.0)
      rspec-mocks (~> 3.5.0)
    rspec-core (3.5.4)
      rspec-support (~> 3.5.0)
    rspec-expectations (3.5.0)
      diff-lcs (>= 1.2.0, < 2.0)
      rspec-support (~> 3.5.0)
    rspec-mocks (3.5.0)
      diff-lcs (>= 1.2.0, < 2.0)
      rspec-support (~> 3.5.0)
    rspec-puppet (2.5.0)
      rspec
    rspec-support (3.5.0)
    semantic_puppet (1.0.2)

PLATFORMS
  ruby

DEPENDENCIES
  puppet (>= 4.10.1)
  puppetlabs_spec_helper

BUNDLED WITH
   1.17.3
